GEM
  remote: https://rubygems.org/
  specs:
    codeclimate-test-reporter (0.4.7)
      simplecov (>= 0.7.1, < 1.0.0)
    couch-db (0.9.0)
      json (~> 1)
    docile (1.1.5)
    json (1.8.3)
    mini_portile2 (2.4.0)
    nokogiri (1.9.1)
      mini_portile2 (~> 2.4.0)
    rake (10.4.2)
    rubyzip (1.3.0)
    simplecov (0.10.0)
      docile (~> 1.1.0)
      json (~> 1.8)
      simplecov-html (~> 0.10.0)
    simplecov-html (0.10.0)
    tilt (1.4.1)

PLATFORMS
  ruby

DEPENDENCIES
  codeclimate-test-reporter
  couch-db (>= 0.9.0)
  json (~> 1.8.2)
  nokogiri (~> 1.9.1)
  rake
  rubyzip (~> 1.3.0)
  tilt (~> 1.4.1)

BUNDLED WITH
   1.10.3
